PATH
  remote: .
  specs:
    aarrr (0.0.1)
      activesupport (>= 3.0)
      mongo (>= 1.3.1)
      rack (>= 1.2.2)

GEM
  remote: http://rubygems.org/
  specs:
    activesupport (3.0.0)
    bson (1.3.1)
    bson_ext (1.3.1)
    coderay (1.0.8)
    diff-lcs (1.1.2)
    method_source (0.8.1)
    mongo (1.3.1)
      bson (>= 1.3.1)
    pry (0.9.10)
      coderay (~> 1.0.5)
      method_source (~> 0.8)
      slop (~> 3.3.1)
    rack (1.3.0)
    rack-test (0.6.2)
      rack (>= 1.0)
    rake (0.8.7)
    rspec (2.6.0)
      rspec-core (~> 2.6.0)
      rspec-expectations (~> 2.6.0)
      rspec-mocks (~> 2.6.0)
    rspec-core (2.6.3)
    rspec-expectations (2.6.0)
      diff-lcs (~> 1.1.2)
    rspec-mocks (2.6.0)
    slop (3.3.3)

PLATFORMS
  ruby

DEPENDENCIES
  aarrr!
  bson_ext
  pry
  rack-test
  rake (= 0.8.7)
  rspec (>= 2.0)
